GEM
  remote: https://rubygems.org/
  specs:
    dynacord (0.1.1)

PLATFORMS
  ruby

DEPENDENCIES
  dynacord

BUNDLED WITH
   1.17.2
